GEM
  remote: https://gems.ruby-china.com/
  specs:
    acl9 (0.12.3)
      rails (>= 2.3.12)
    actionmailer (3.2.9)
      actionpack (= 3.2.9)
      mail (~> 2.4.4)
    actionpack (3.2.9)
      activemodel (= 3.2.9)
      activesupport (= 3.2.9)
      builder (~> 3.0.0)
      erubis (~> 2.7.0)
      journey (~> 1.0.4)
      rack (~> 1.4.0)
      rack-cache (~> 1.2)
      rack-test (~> 0.6.1)
      sprockets (~> 2.2.1)
    activemodel (3.2.9)
      activesupport (= 3.2.9)
      builder (~> 3.0.0)
    activerecord (3.2.9)
      activemodel (= 3.2.9)
      activesupport (= 3.2.9)
      arel (~> 3.0.2)
      tzinfo (~> 0.3.29)
    activerecord-import (0.3.1)
      activerecord (~> 3.0)
    activeresource (3.2.9)
      activemodel (= 3.2.9)
      activesupport (= 3.2.9)
    activesupport (3.2.9)
      i18n (~> 0.6)
      multi_json (~> 1.0)
    addressable (2.6.0)
      public_suffix (>= 2.0.2, < 4.0)
    apns (1.0.0)
    arel (3.0.3)
    authlogic (3.8.0)
      activerecord (>= 3.2, < 5.3)
      activesupport (>= 3.2, < 5.3)
      request_store (~> 1.0)
      scrypt (>= 1.2, < 4.0)
    awesome_print (1.8.0)
    bugsnag (6.11.1)
      concurrent-ruby (~> 1.0)
    builder (3.0.4)
      i18n
      rake (>= 10.0.0)
      sshkit (~> 1.3)
    capistrano (3.1.0)
      i18n
      rake (>= 10.0.0)
      sshkit (~> 1.3)
    chronic (0.10.2)
    coffee-rails (3.2.2)
      coffee-script (>= 2.2.0)
      railties (~> 3.2.0)
    coffee-script (2.4.1)
      coffee-script-source
      execjs
    coffee-script-source (1.12.2)
    colorize (0.8.1)
    concurrent-ruby (1.1.5)
    cookiejar (0.3.3)
    daemons (1.3.1)
    diff-lcs (1.3)
    dnsruby (1.61.2)
      addressable (~> 2.5)
    elasticsearch (6.1.0)
      elasticsearch-api (= 6.1.0)
      elasticsearch-transport (= 6.1.0)
    elasticsearch-api (6.1.0)
      multi_json
    elasticsearch-model (6.0.0)
      activesupport (> 3)
      elasticsearch (> 1)
      hashie
    elasticsearch-rails (6.0.0)
    elasticsearch-transport (6.1.0)
      faraday
      multi_json
    em-hiredis (0.3.0)
      eventmachine (~> 1.0)
      hiredis (~> 0.5.0)
    em-http-request (1.1.5)
      addressable (>= 2.3.4)
      cookiejar (!= 0.3.1)
      em-socksify (>= 0.3)
      eventmachine (>= 1.0.3)
      http_parser.rb (>= 0.6.0)
    em-resolv-replace (1.1.3)
    em-socksify (0.3.2)
      eventmachine (>= 1.0.0.beta.4)
    em-synchrony (1.0.6)
      eventmachine (>= 1.0.0.beta.1)
    em-udns (0.3.6)
    erubis (2.7.0)
    eventmachine (1.0.6)
    execjs (2.7.0)
    faraday (0.15.4)
      multipart-post (>= 1.2, < 3)
    ffi (1.10.0)
    ffi-compiler (1.0.1)
      ffi (>= 1.0.0)
      rake
    flamegraph (0.9.5)
    foreigner (1.7.4)
      activerecord (>= 3.0.0)
    ftools (0.0.0)
    god (0.13.6)
    hashie (3.6.0)
    hike (1.2.3)
    hiredis (0.5.2)
    http_parser.rb (0.6.0)
    i18n (0.6.9)
    iconv (1.0.8)
    journey (1.0.4)
    jquery-rails (3.1.5)
      railties (>= 3.0, < 5.0)
      thor (>= 0.14, < 2.0)
    json (1.8.2)
    libv8 (3.16.14.19)
    lz4-ruby (0.3.3)
    mail (2.4.4)
      i18n (>= 0.4.0)
      mime-types (~> 1.16)
      treetop (~> 1.4.8)
    memcache-client (1.8.5)
    mime-types (1.25.1)
    mini_magick (4.9.3)
    mini_portile2 (2.8.5)
    mock_redis (0.18.0)
    msgpack (0.5.12)
    multi_json (1.13.1)
    multipart-post (2.0.0)
    mysql2 (0.5.2)
    nest (3.1.2)
      redic
    net-scp (1.2.1)
      net-ssh (>= 2.6.5)
    net-ssh (4.2.0)
    nido (0.0.1)
    nokogiri (1.15.6)
      mini_portile2 (~> 2.8.2)
      racc (~> 1.4)
    oj (2.5.5)
    optimist (3.0.0)
    parallel-forkmanager (1.5.1)
    plist (3.5.0)
    pluggable_js (2.0.4)
      coffee-rails
      jquery-rails
      rails (>= 3.1)
    polyglot (0.3.5)
    power_assert (1.1.3)
    public_suffix (3.0.3)
    racc (1.7.3)
    rack (1.4.7)
    rack-attack (5.2.0)
      rack
    rack-cache (1.9.0)
      rack (>= 0.4)
    rack-ssl (1.3.4)
      rack
    rack-test (0.6.3)
      rack (>= 1.0)
    rails (3.2.9)
      actionmailer (= 3.2.9)
      actionpack (= 3.2.9)
      activerecord (= 3.2.9)
      activeresource (= 3.2.9)
      activesupport (= 3.2.9)
      bundler (~> 1.0)
      railties (= 3.2.9)
    railties (3.2.9)
      actionpack (= 3.2.9)
      activesupport (= 3.2.9)
      rack-ssl (~> 1.3.2)
      rake (>= 0.8.7)
      rdoc (~> 3.4)
      thor (>= 0.14.6, < 2.0)
    rainbow (3.0.0)
    rake (12.3.2)
    rb-fsevent (0.10.3)
    rb-inotify (0.9.10)
      ffi (>= 0.5.0, < 2)
    rbnacl (3.2.0)
      ffi
    rbtrace (0.4.11)
      ffi (>= 1.0.6)
      msgpack (>= 0.4.3)
      optimist (>= 3.0.0)
    rdoc (3.12.2)
      json (~> 1.4)
    recaptcha (0.4.0)
      json
    redic (1.5.1)
      hiredis
    redis (3.0.7)
    redis_migrator (0.1.2)
      redis (>= 3.0.0)
    ref (2.0.0)
    request_store (1.4.1)
      rack (>= 1.4)
    require_all (2.0.0)
    roo (1.13.2)
      nokogiri
      rubyzip
      spreadsheet (> 0.6.4)
    rspec (3.8.0)
      rspec-core (~> 3.8.0)
      rspec-expectations (~> 3.8.0)
      rspec-mocks (~> 3.8.0)
    rspec-core (3.8.0)
      rspec-support (~> 3.8.0)
    rspec-expectations (3.8.2)
      diff-lcs (>= 1.2.0, < 2.0)
      rspec-support (~> 3.8.0)
    rspec-mocks (3.8.0)
      diff-lcs (>= 1.2.0, < 2.0)
      rspec-support (~> 3.8.0)
    rspec-support (3.8.0)
    ruby-ole (1.2.12.1)
    ruby-prof (0.17.0)
    rubyzip (1.2.2)
    sass (3.7.3)
      sass-listen (~> 4.0.0)
    sass-listen (4.0.0)
      rb-fsevent (~> 0.9, >= 0.9.4)
      rb-inotify (~> 0.9, >= 0.9.7)
    sass-rails (3.2.6)
      railties (~> 3.2.0)
      sass (>= 3.1.10)
      tilt (~> 1.3)
    scrypt (3.0.6)
      ffi-compiler (>= 1.0, < 2.0)
    simple-navigation (4.0.5)
      activesupport (>= 2.3.2)
    spreadsheet (1.2.2)
      ruby-ole (>= 1.0)
    sprockets (2.2.3)
      hike (~> 1.2)
      multi_json (~> 1.0)
      rack (~> 1.0)
      tilt (~> 1.1, != 1.3.0)
    sqlite3 (1.4.1)
    sshkit (1.18.2)
      net-scp (>= 1.1.2)
      net-ssh (>= 2.8.0)
    stackprof (0.2.12)
    statsd-ruby (1.4.0)
    string-utf8mb4strip (0.0.1)
    syslogger (1.6.5)
    tabs_on_rails (2.2.0)
    test-unit (3.3.0)
      power_assert
    therubyracer (0.12.3)
      libv8 (~> 3.16.14.15)
      ref
    thor (0.20.3)
    tilt (1.4.1)
    tradsim (0.5.1)
    treetop (1.4.15)
      polyglot
      polyglot (>= 0.3.1)
    tzinfo (0.3.55)
    uglifier (4.1.20)
      execjs (>= 0.3.0, < 3)
    utf8_utils (2.0.1)
    uuidtools (2.1.5)
    whenever (0.10.0)
      chronic (>= 0.6.3)
    will_paginate (3.1.6)
    xxhash (0.4.0)

PLATFORMS
  ruby

DEPENDENCIES
  acl9
  activerecord-import (= 0.3.1)
  apns
  authlogic
  awesome_print
  bugsnag
  capistrano (~> 3.1.0)
  chronic
  colorize
  daemons
  dnsruby
  elasticsearch-model
  elasticsearch-rails
  em-hiredis (= 0.3.0)
  em-http-request
  em-resolv-replace
  em-synchrony
  em-udns
  eventmachine (= 1.0.6)
  execjs
  ffi
  flamegraph
  foreigner
  ftools
  god (= 0.13.6)
  hiredis (~> 0.5.2)
  i18n (= 0.6.9)
  iconv
  jquery-rails
  json (= 1.8.2)
  libv8
  lz4-ruby (~> 0.3.3)
  memcache-client
  mini_magick
  mock_redis
  msgpack (~> 0.5.8)
  mysql2 (= 0.5.2)
  nest
  nido (= 0.0.1)
  nokogiri
  oj (~> 2.5.3)
  parallel-forkmanager (~> 1.5.1)
  plist
  pluggable_js (~> 2.0.0)
  rack-attack
  rails (= 3.2.9)
  rainbow
  rake (= 12.3.2)
  rbnacl (~> 3.2.0)
  rbtrace
  recaptcha
  redis (~> 3.0.1)
  redis_migrator (= 0.1.2)
  require_all
  roo (~> 1.13.2)
  rspec
  ruby-prof
  rubyzip
  sass-rails (~> 3.2.3)
  simple-navigation
  spreadsheet
  sqlite3
  stackprof
  statsd-ruby
  string-utf8mb4strip
  syslogger
  tabs_on_rails
  test-unit
  therubyracer
  thor
  tradsim
  uglifier (>= 1.0.3)
  utf8_utils
  uuidtools
  whenever
  will_paginate (~> 3.0)
  xxhash

BUNDLED WITH
   1.16.3
